GEM
  remote: https://rubygems.org/
  specs:
    ansi (1.5.0)
    backports (3.18.2)
    bcrypt (3.1.16)
    builder (3.2.4)
    erubis (2.7.0)
    minitest (5.14.2)
    minitest-reporters (1.4.2)
      ansi
      builder
      minitest (>= 5.0)
      ruby-progressbar
    multi_json (1.15.0)
    rack (1.6.13)
    rack-protection (1.5.5)
      rack
    rack-test (1.1.0)
      rack (>= 1.0, < 3)
    rake (13.0.3)
    redcarpet (3.5.1)
    ruby-progressbar (1.10.1)
    sinatra (1.4.8)
      rack (~> 1.5)
      rack-protection (~> 1.4)
      tilt (>= 1.3, < 3)
    sinatra-contrib (1.4.7)
      backports (>= 2.0)
      multi_json
      rack-protection
      rack-test
      sinatra (~> 1.4.0)
      tilt (>= 1.3, < 3)
    tilt (2.0.10)

PLATFORMS
  x86_64-linux

DEPENDENCIES
  bcrypt
  erubis
  minitest
  minitest-reporters
  rack-test
  rake
  redcarpet
  sinatra (~> 1.4.7)
  sinatra-contrib

RUBY VERSION
   ruby 2.7.1p83

BUNDLED WITH
   2.2.1
